GIT
  remote: https://github.com/rails/sprockets.git
  revision: 0f3e0e93dabafa8f3027e8036e40fd08902688c8
  specs:
    sprockets (4.0.3)
      concurrent-ruby (~> 1.0)
      rack (> 1, < 3)

GEM
  remote: https://rubygems.org/
  specs:
    concurrent-ruby (1.1.10)
    execjs (2.5.2)
    json (1.8.3)
    rack (2.1.4.1)
    sass (3.4.16)
    uglifier (2.7.1)
      execjs (>= 0.3.0)
      json (>= 1.8.0)

PLATFORMS
  ruby

DEPENDENCIES
  rack
  sass
  sprockets!
  uglifier

BUNDLED WITH
   1.10.5
